PATH
  remote: .
  specs:
    zucchini-ios (0.5.5)
      clamp

GEM
  remote: http://rubygems.org/
  specs:
    clamp (0.5.0)
    diff-lcs (1.1.3)
    rspec (2.11.0)
      rspec-core (~> 2.11.0)
      rspec-expectations (~> 2.11.0)
      rspec-mocks (~> 2.11.0)
    rspec-core (2.11.1)
    rspec-expectations (2.11.2)
      diff-lcs (~> 1.1.3)
    rspec-mocks (2.11.2)
    watchr (0.7)

PLATFORMS
  ruby

DEPENDENCIES
  rspec
  watchr
  zucchini-ios!
